PATH
  remote: .
  specs:
    golf (0.0.1)
      thor

GEM
  remote: http://rubygems.org/
  specs:
    rack (1.2.2)
    rack-test (0.5.7)
      rack (>= 1.0)
    thor (0.14.6)

PLATFORMS
  java

DEPENDENCIES
  golf!
  rack-test
