PATH
  remote: .
  specs:
    golf (0.5.3)
      hpricot
      json
      rack
      thor

GEM
  remote: http://rubygems.org/
  specs:
    hpricot (0.8.4)
    json (1.5.1)
    rack (1.2.2)
    rack-test (0.5.7)
      rack (>= 1.0)
    simplecov (0.4.1)
      simplecov-html (~> 0.4.3)
    simplecov-html (0.4.3)
    thor (0.14.6)

PLATFORMS
  java
  ruby

DEPENDENCIES
  golf!
  rack-test
  simplecov
