GEM
  remote: http://rubygems.org/
  specs:
    golf (0.2.0)
      json
      rack
      thor
    json (1.5.1)
    rack (1.2.2)
    sinatra (1.2.2)
      rack (~> 1.1)
      tilt (< 2.0, >= 1.2.2)
    thor (0.14.6)
    tilt (1.2.2)

PLATFORMS
  ruby

DEPENDENCIES
  golf
  sinatra
